GEM
  remote: https://rubygems.org/
  specs:
    activesupport (5.0.0.1)
      concurrent-ruby (~> 1.0, >= 1.0.2)
      i18n (~> 0.7)
      minitest (~> 5.1)
      tzinfo (~> 1.1)
    byebug (9.0.5)
    coderay (1.1.1)
    concurrent-ruby (1.0.2)
    elasticsearch-ruby (0.0.4)
      activesupport (>= 3.0.0)
      thrift
    i18n (0.7.0)
    method_source (0.8.2)
    minitest (5.9.1)
    pry (0.10.4)
      coderay (~> 1.1.0)
      method_source (~> 0.8.1)
      slop (~> 3.4)
    pry-byebug (3.4.0)
      byebug (~> 9.0)
      pry (~> 0.10)
    slop (3.6.0)
    thread_safe (0.3.5)
    thrift (0.9.3.0)
    tzinfo (1.2.2)
      thread_safe (~> 0.1)

PLATFORMS
  ruby

DEPENDENCIES
  elasticsearch-ruby
  pry-byebug

BUNDLED WITH
   1.13.0
